GEM
  remote: https://rubygems.org/
  specs:
    cgi (0.4.1)
    erb (4.0.4)
      cgi (>= 0.3.3)
    ffi (1.16.3)
    kramdown (2.4.0)
      rexml
    listen (3.9.0)
      rb-fsevent (~> 0.10, >= 0.10.3)
      rb-inotify (~> 0.9, >= 0.9.10)
    rake (13.2.1)
    rb-fsevent (0.11.2)
    rb-inotify (0.10.1)
      ffi (~> 1.0)
    rexml (3.2.8)
      strscan (>= 3.0.9)
    strscan (3.1.0)

PLATFORMS
  x64-mingw-ucrt
  x86_64-linux

DEPENDENCIES
  erb
  kramdown
  listen
  rake

BUNDLED WITH
   2.5.4
